GEM
  remote: http://rubygems.org/
  specs:
    activemodel (3.0.0.rc)
      activesupport (= 3.0.0.rc)
      builder (~> 2.1.2)
      i18n (~> 0.4.1)
    activesupport (3.0.0.rc)
    bson (1.0.4)
    builder (2.1.2)
    i18n (0.4.1)
    mg (0.0.8)
      rake
    mongo (1.0.7)
      bson (>= 1.0.4)
    mongoid (2.0.0.beta.16)
      activemodel (= 3.0.0.rc)
      bson (= 1.0.4)
      mongo (= 1.0.7)
      tzinfo (= 0.3.22)
      will_paginate (~> 3.0.pre)
    rake (0.8.7)
    riot (0.11.3)
      rr
      term-ansicolor
    rr (1.0.0)
    term-ansicolor (1.0.5)
    tzinfo (0.3.22)
    will_paginate (3.0.pre2)
    yard (0.5.8)

PLATFORMS
  ruby

DEPENDENCIES
  mg
  mongoid (>= 2.0.0.beta.16)
  riot (>= 0.11.3)
  yard (>= 0.5.8)
