PATH
  remote: .
  specs:
    riot-mongoid (2.0.0.beta.rc.7)
      mongoid (~> 2.1.0)
      riot (~> 0.12.3)

GEM
  remote: http://rubygems.org/
  specs:
    activemodel (3.0.10)
      activesupport (= 3.0.10)
      builder (~> 2.1.2)
      i18n (~> 0.5.0)
    activesupport (3.0.10)
    bson (1.3.1)
    builder (2.1.2)
    i18n (0.5.0)
    mongo (1.3.1)
      bson (>= 1.3.1)
    mongoid (2.1.8)
      activemodel (~> 3.0)
      mongo (~> 1.3)
      tzinfo (~> 0.3.22)
    riot (0.12.4)
      rr
    rr (1.0.3)
    tzinfo (0.3.29)
    yard (0.7.2)

PLATFORMS
  ruby

DEPENDENCIES
  riot-mongoid!
  yard
