PATH
  remote: .
  specs:
    riot-mongoid (2.0.0.beta.2)
      mongoid (~> 2.0.0.beta.rc.7)
      riot (~> 0.12.3)

GEM
  remote: http://rubygems.org/
  specs:
    activemodel (3.0.5)
      activesupport (= 3.0.5)
      builder (~> 2.1.2)
      i18n (~> 0.4)
    activesupport (3.0.5)
    bson (1.2.4)
    builder (2.1.2)
    i18n (0.5.0)
    mongo (1.2.4)
      bson (>= 1.2.4)
    mongoid (2.0.0.rc.7)
      activemodel (~> 3.0)
      mongo (~> 1.2)
      tzinfo (~> 0.3.22)
      will_paginate (~> 3.0.pre)
    riot (0.12.3)
      rr
    rr (1.0.2)
    tzinfo (0.3.25)
    will_paginate (3.0.pre2)
    yard (0.5.8)

PLATFORMS
  ruby

DEPENDENCIES
  riot-mongoid!
  yard
